GEM
  remote: https://rubygems.org/
  specs:
    addressable (2.4.0)
    ast (2.4.0)
    coderay (1.1.1)
    crack (0.4.3)
      safe_yaml (~> 1.0.0)
    diff-lcs (1.2.5)
    docile (1.1.5)
    domain_name (0.5.20161021)
      unf (>= 0.0.5, < 1.0.0)
    dotenv (2.1.1)
    hashdiff (0.3.0)
    http-cookie (1.0.3)
      domain_name (~> 0.5)
    json (2.0.2)
    mechanize (2.7.5)
      domain_name (~> 0.5, >= 0.5.1)
      http-cookie (~> 1.0)
      mime-types (>= 1.17.2)
      net-http-digest_auth (~> 1.1, >= 1.1.1)
      net-http-persistent (~> 2.5, >= 2.5.2)
      nokogiri (~> 1.6)
      ntlm-http (~> 0.1, >= 0.1.1)
      webrobots (>= 0.0.9, < 0.2)
    method_source (0.8.2)
    mime-types (3.1)
      mime-types-data (~> 3.2015)
    mime-types-data (3.2016.0521)
    mini_portile2 (2.3.0)
    net-http-digest_auth (1.4)
    net-http-persistent (2.9.4)
    nokogiri (1.8.2)
      mini_portile2 (~> 2.3.0)
    ntlm-http (0.1.1)
    parallel (1.12.1)
    parser (2.5.0.5)
      ast (~> 2.4.0)
    powerpack (0.1.1)
    pry (0.10.4)
      coderay (~> 1.1.0)
      method_source (~> 0.8.1)
      slop (~> 3.4)
    rainbow (2.2.2)
      rake
    rake (10.4.2)
    rb-readline (0.5.3)
    rspec (3.5.0)
      rspec-core (~> 3.5.0)
      rspec-expectations (~> 3.5.0)
      rspec-mocks (~> 3.5.0)
    rspec-core (3.5.4)
      rspec-support (~> 3.5.0)
    rspec-expectations (3.5.0)
      diff-lcs (>= 1.2.0, < 2.0)
      rspec-support (~> 3.5.0)
    rspec-mocks (3.5.0)
      diff-lcs (>= 1.2.0, < 2.0)
      rspec-support (~> 3.5.0)
    rspec-support (3.5.0)
    rubocop (0.49.1)
      parallel (~> 1.10)
      parser (>= 2.3.3.1, < 3.0)
      powerpack (~> 0.1)
      rainbow (>= 1.99.1, < 3.0)
      ruby-progressbar (~> 1.7)
      unicode-display_width (~> 1.0, >= 1.0.1)
    ruby-progressbar (1.9.0)
    safe_yaml (1.0.4)
    simplecov (0.12.0)
      docile (~> 1.1.0)
      json (>= 1.8, < 3)
      simplecov-html (~> 0.10.0)
    simplecov-html (0.10.0)
    slop (3.6.0)
    unf (0.1.4)
      unf_ext
    unf_ext (0.0.7.2)
    unicode-display_width (1.3.0)
    vcr (3.0.3)
    webmock (2.1.0)
      addressable (>= 2.3.6)
      crack (>= 0.3.2)
      hashdiff
    webrobots (0.1.2)

PLATFORMS
  ruby

DEPENDENCIES
  dotenv (~> 2.1, >= 2.1.1)
  mechanize (~> 2.7, >= 2.7.5)
  nokogiri (~> 1.8, >= 1.8.1)
  pry (~> 0.10.4)
  rake (~> 10.4, >= 10.4.2)
  rb-readline (~> 0.5.3)
  rspec (~> 3.4)
  rubocop (~> 0.49.0)
  simplecov (~> 0.12.0)
  vcr (= 3.0.3)
  webmock (= 2.1.0)

BUNDLED WITH
   1.16.1
